GEM
  remote: https://rubygems.org/
  specs:
    rack (1.6.5)
    rails_12factor (0.0.3)
      rails_serve_static_assets
      rails_stdout_logging
    rails_serve_static_assets (0.0.5)
    rails_stdout_logging (0.0.5)
    sinatra (1.1.0)
      rack (~> 1.1)
      tilt (~> 1.1)
    tilt (1.4.1)

PLATFORMS
  ruby

DEPENDENCIES
  rails_12factor
  sinatra (= 1.1.0)

BUNDLED WITH
   1.11.2
